GEM
  remote: https://rubygems.org/
  specs:
    git (1.7.0)
      rchardet (~> 1.8)
    json (2.3.1)
    rake (13.0.1)
    rchardet (1.8.0)

PLATFORMS
  ruby

DEPENDENCIES
  git
  json
  rake

BUNDLED WITH
   2.1.4
