GEM
  remote: https://rubygems.org/
  specs:
    kramdown (2.4.0)
      rexml
    rexml (3.2.5)
    webrick (1.7.0)
    yard (0.9.28)
      webrick (~> 1.7.0)

PLATFORMS
  java
  universal-java-11

DEPENDENCIES
  kramdown
  yard (>= 0.9.20)

BUNDLED WITH
   2.2.29
