GEM
  remote: http://rubygems.org/
  specs:
    kramdown (1.8.0)
    yard (0.8.7.6)

PLATFORMS
  java

DEPENDENCIES
  kramdown
  yard
