GEM
  remote: https://rubygems.org/
  specs:
    kramdown (1.15.0)
    yard (0.9.9)

PLATFORMS
  java

DEPENDENCIES
  kramdown
  yard

BUNDLED WITH
   1.12.5
