GEM
  remote: https://rubygems.org/
  specs:
    kramdown (2.3.1)
      rexml
    rexml (3.2.5)
    yard (0.9.26)

PLATFORMS
  java

DEPENDENCIES
  kramdown
  yard (>= 0.9.20)

BUNDLED WITH
   2.1.4
