GEM
  remote: https://rubygems.org/
  specs:
    kramdown (2.4.0)
      rexml
    rexml (3.2.5)
    yard (0.9.34)

PLATFORMS
  universal-java-1.8

DEPENDENCIES
  kramdown
  yard (>= 0.9.20)

BUNDLED WITH
   2.3.15
