GEM
  remote: https://rubygems.org/
  specs:
    kramdown (2.3.1)
      rexml
    rexml (3.2.5)
    yard (0.9.25)

PLATFORMS
  java
  x86_64-linux

DEPENDENCIES
  kramdown
  yard (>= 0.9.20)

BUNDLED WITH
   2.1.4
