GEM
  remote: https://rubygems.org/
  specs:
    kramdown (1.11.1)
    yard (0.9.0)

PLATFORMS
  java

DEPENDENCIES
  kramdown
  yard

BUNDLED WITH
   1.12.5
