GEM
  remote: https://rubygems.org/
  specs:
    activesupport (5.0.7.2)
      concurrent-ruby (~> 1.0, >= 1.0.2)
      i18n (>= 0.7, < 2)
      minitest (~> 5.1)
      tzinfo (~> 1.1)
    ast (2.4.0)
    atomic (1.1.101-java)
    backports (3.15.0)
    bcrypt (3.1.7-java)
    builder (3.2.3)
    childprocess (0.9.0)
      ffi (~> 1.0, >= 1.0.11)
    choice (0.2.0)
    coderay (1.1.2)
    concurrent-ruby (1.1.5)
    diff-lcs (1.3)
    factory_bot (5.0.2)
      activesupport (>= 4.2.0)
    faraday (0.15.4)
      multipart-post (>= 1.2, < 3)
    faraday_middleware (0.13.1)
      faraday (>= 0.7.4, < 1.0)
    fastimage (2.1.5)
    ffi (1.11.1-java)
    i18n (0.9.1)
      concurrent-ruby (~> 1.0)
    jdbc-derby (10.12.1.1)
    jdbc-mysql (5.1.13)
    jruby-jars (9.1.17.0)
    jruby-rack (1.1.21)
    json (1.8.6-java)
    json-schema (1.0.10)
    ladle (0.2.0-java)
    method_source (0.9.2)
    minitest (5.11.3)
    mizuno (0.6.11)
      childprocess (>= 0.2.6)
      choice (>= 0.1.0)
      ffi (>= 1.0.0)
      rack (>= 1.0.0)
    multi_json (1.13.1)
    multipart-post (1.2.0)
    net-http-persistent (2.8)
    net-ldap (0.16.1)
    nokogiri (1.8.5-java)
    oai (0.4.0)
      builder (>= 3.1.0)
      faraday
      faraday_middleware
    parallel (1.17.0)
    parser (2.6.3.0)
      ast (~> 2.4.0)
    powerpack (0.1.2)
    pry (0.11.3-java)
      coderay (~> 1.1.0)
      method_source (~> 0.9.0)
      spoon (~> 0.0)
    pry-debugger-jruby (1.2.1-java)
      pry (>= 0.10, < 0.12)
      ruby-debug-base (~> 0.10.4)
    pry-nav (0.3.0)
      pry (>= 0.9.10, < 0.13.0)
    rack (1.6.11)
    rack-protection (1.5.5)
      rack
    rack-session-sequel (0.0.1)
      rack
      sequel
    rack-test (0.6.3)
      rack (>= 1.0)
    rainbow (3.0.0)
    rake (12.3.2)
    rjack-jackson (1.8.11.0-java)
    rrtf (1.3.0)
      fastimage
      nokogiri
      tidy
    rspec (3.6.0)
      rspec-core (~> 3.6.0)
      rspec-expectations (~> 3.6.0)
      rspec-mocks (~> 3.6.0)
    rspec-core (3.6.0)
      rspec-support (~> 3.6.0)
    rspec-expectations (3.6.0)
      diff-lcs (>= 1.2.0, < 2.0)
      rspec-support (~> 3.6.0)
    rspec-mocks (3.6.0)
      diff-lcs (>= 1.2.0, < 2.0)
      rspec-support (~> 3.6.0)
    rspec-support (3.6.0)
    rubocop (0.54.0)
      parallel (~> 1.10)
      parser (>= 2.5)
      powerpack (~> 0.1)
      rainbow (>= 2.2.2, < 4.0)
      ruby-progressbar (~> 1.7)
      unicode-display_width (~> 1.0, >= 1.0.1)
    ruby-debug-base (0.10.6-java)
    ruby-progressbar (1.10.1)
    rubyzip (1.2.3)
    rufus-lru (1.0.5)
    rufus-scheduler (2.0.24)
      tzinfo (>= 0.3.22)
    saxerator (0.9.2)
      nokogiri (>= 1.4.0)
    saxon-xslt (0.8.2.1-java)
    sequel (4.20.0)
    simplecov (0.7.1)
      multi_json (~> 1.0)
      simplecov-html (~> 0.7.1)
    simplecov-html (0.7.1)
    sinatra (1.4.7)
      rack (~> 1.5)
      rack-protection (~> 1.4)
      tilt (>= 1.3, < 3)
    sinatra-contrib (1.4.7)
      backports (>= 2.0)
      multi_json
      rack-protection
      rack-test
      sinatra (~> 1.4.0)
      tilt (>= 1.3, < 3)
    spoon (0.0.6)
      ffi
    thread_safe (0.3.6-java)
    tidy (1.1.2)
    tilt (2.0.9)
    tzinfo (1.2.5)
      thread_safe (~> 0.1)
    tzinfo-data (1.2019.1)
      tzinfo (>= 1.0.0)
    unicode-display_width (1.6.0)
    warbler (2.0.4)
      jruby-jars (>= 9.0.0.0)
      jruby-rack (>= 1.1.1, < 1.3)
      rake (>= 10.1.0)
      rubyzip (~> 1.0, < 1.4)
    zip-zip (0.3)
      rubyzip (>= 1.0.0)

PLATFORMS
  java

DEPENDENCIES
  activesupport (= 5.0.7.2)
  atomic (~> 1.1, >= 1.1.101)
  bcrypt (= 3.1.7)
  factory_bot (~> 5.0, >= 5.0.2)
  i18n (= 0.9.1)
  jdbc-derby (= 10.12.1.1)
  jdbc-mysql (= 5.1.13)
  jruby-jars (= 9.1.17.0)
  json (= 1.8.6)
  json-schema (= 1.0.10)
  ladle (= 0.2.0)
  mizuno (= 0.6.11)
  multi_json (~> 1.13.1)
  multipart-post (= 1.2.0)
  net-http-persistent (= 2.8)
  net-ldap (~> 0.16.0)
  nokogiri (= 1.8.5)
  oai (= 0.4.0)
  pry
  pry-debugger-jruby
  pry-nav
  rack-session-sequel (= 0.0.1)
  rack-test (~> 0.6.3)
  rjack-jackson (= 1.8.11.0)
  rrtf
  rspec (~> 3.6.0)
  rspec-core
  rubocop (~> 0.54.0)
  rubyzip (~> 1.2.2)
  rufus-lru (= 1.0.5)
  rufus-scheduler (~> 2.0.24)
  saxerator (= 0.9.2)
  saxon-xslt (~> 0.8, >= 0.8.2.1)
  sequel (~> 4.20.0)
  simplecov (= 0.7.1)
  sinatra (= 1.4.7)
  sinatra-contrib (= 1.4.7)
  tzinfo
  tzinfo-data
  unicode-display_width (~> 1.6)
  warbler (= 2.0.4)
  zip-zip (= 0.3)

BUNDLED WITH
   1.16.1
