GEM
  remote: https://rubygems.org/
  specs:
    activesupport (5.0.1)
      concurrent-ruby (~> 1.0, >= 1.0.2)
      i18n (~> 0.7)
      minitest (~> 5.1)
      tzinfo (~> 1.1)
    atomic (1.0.1-java)
    backports (3.10.3)
    bcrypt (3.1.7-java)
    builder (3.2.3)
    childprocess (0.8.0)
      ffi (~> 1.0, >= 1.0.11)
    choice (0.2.0)
    concurrent-ruby (1.0.5-java)
    diff-lcs (1.3)
    factory_girl (4.9.0)
      activesupport (>= 3.0.0)
    faraday (0.13.1)
      multipart-post (>= 1.2, < 3)
    faraday_middleware (0.12.2)
      faraday (>= 0.7.4, < 1.0)
    ffi (1.9.18-java)
    i18n (0.7.0)
    jdbc-derby (10.12.1.1)
    jdbc-mysql (5.1.13)
    jruby-jars (9.1.8.0)
    jruby-rack (1.1.21)
    json (1.8.6-java)
    json-schema (1.0.10)
    ladle (0.2.0-java)
    minitest (5.10.3)
    mizuno (0.6.11)
      childprocess (>= 0.2.6)
      choice (>= 0.1.0)
      ffi (>= 1.0.0)
      rack (>= 1.0.0)
    multi_json (1.12.2)
    multipart-post (1.2.0)
    net-http-persistent (2.8)
    net-ldap (0.6.1)
    nokogiri (1.8.1-java)
    oai (0.4.0)
      builder (>= 3.1.0)
      faraday
      faraday_middleware
    rack (1.6.8)
    rack-protection (1.5.3)
      rack
    rack-session-sequel (0.0.1)
      rack
      sequel
    rack-test (0.7.0)
      rack (>= 1.0, < 3)
    rake (12.3.0)
    rjack-jackson (1.8.11.0-java)
    rspec (3.6.0)
      rspec-core (~> 3.6.0)
      rspec-expectations (~> 3.6.0)
      rspec-mocks (~> 3.6.0)
    rspec-core (3.6.0)
      rspec-support (~> 3.6.0)
    rspec-expectations (3.6.0)
      diff-lcs (>= 1.2.0, < 2.0)
      rspec-support (~> 3.6.0)
    rspec-mocks (3.6.0)
      diff-lcs (>= 1.2.0, < 2.0)
      rspec-support (~> 3.6.0)
    rspec-support (3.6.0)
    rubyzip (1.2.1)
    rufus-lru (1.0.5)
    rufus-scheduler (2.0.24)
      tzinfo (>= 0.3.22)
    saxerator (0.9.2)
      nokogiri (>= 1.4.0)
    saxon-xslt (0.7.2-java)
    sequel (4.20.0)
    simplecov (0.7.1)
      multi_json (~> 1.0)
      simplecov-html (~> 0.7.1)
    simplecov-html (0.7.1)
    sinatra (1.4.7)
      rack (~> 1.5)
      rack-protection (~> 1.4)
      tilt (>= 1.3, < 3)
    sinatra-contrib (1.4.7)
      backports (>= 2.0)
      multi_json
      rack-protection
      rack-test
      sinatra (~> 1.4.0)
      tilt (>= 1.3, < 3)
    thread_safe (0.3.6-java)
    tilt (2.0.8)
    tzinfo (1.2.4)
      thread_safe (~> 0.1)
    tzinfo-data (1.2017.3)
      tzinfo (>= 1.0.0)
    warbler (2.0.4)
      jruby-jars (>= 9.0.0.0)
      jruby-rack (>= 1.1.1, < 1.3)
      rake (>= 10.1.0)
      rubyzip (~> 1.0, < 1.4)
    zip-zip (0.3)
      rubyzip (>= 1.0.0)

PLATFORMS
  java

DEPENDENCIES
  activesupport (= 5.0.1)
  atomic (= 1.0.1)
  bcrypt (= 3.1.7)
  factory_girl
  i18n (= 0.7.0)
  jdbc-derby (= 10.12.1.1)
  jdbc-mysql (= 5.1.13)
  jruby-jars (= 9.1.8.0)
  json (= 1.8.6)
  json-schema (= 1.0.10)
  ladle (= 0.2.0)
  mizuno (= 0.6.11)
  multipart-post (= 1.2.0)
  net-http-persistent (= 2.8)
  net-ldap (= 0.6.1)
  nokogiri (= 1.8.1)
  oai (= 0.4.0)
  rack-session-sequel (= 0.0.1)
  rjack-jackson (= 1.8.11.0)
  rspec (~> 3.6.0)
  rspec-core
  rubyzip (~> 1.2.1)
  rufus-lru (= 1.0.5)
  rufus-scheduler (~> 2.0.24)
  saxerator (= 0.9.2)
  saxon-xslt
  sequel (~> 4.20.0)
  simplecov (= 0.7.1)
  sinatra (= 1.4.7)
  sinatra-contrib (= 1.4.7)
  tzinfo
  tzinfo-data
  warbler (= 2.0.4)
  zip-zip (= 0.3)

BUNDLED WITH
   1.12.5
