GEM
  remote: https://rubygems.org/
  specs:
    activesupport (4.0.13)
      i18n (~> 0.6, >= 0.6.9)
      minitest (~> 4.2)
      multi_json (~> 1.3)
      thread_safe (~> 0.1)
      tzinfo (~> 0.3.37)
    atomic (1.0.1-java)
    axlsx (2.0.1)
      htmlentities (~> 4.3.1)
      nokogiri (>= 1.4.1)
      rubyzip (~> 1.0.0)
    backports (3.6.8)
    bcrypt (3.1.11-java)
    coderay (1.1.1)
    diff-lcs (1.2.5)
    factory_girl (4.1.0)
      activesupport (>= 3.0.0)
    ffi (1.9.10-java)
    htmlentities (4.3.4)
    i18n (0.7.0)
    jdbc-derby (10.11.1.1)
    jdbc-mysql (5.1.38)
    jruby-jars (9.1.2.0)
    jruby-rack (1.1.20)
    json (1.8.3-java)
    json-schema (1.0.10)
    ladle (0.2.0-java)
    method_source (0.8.2)
    minitest (4.7.5)
    multi_json (1.12.1)
    multipart-post (1.2.0)
    net-http-persistent (2.8)
    net-ldap (0.14.0)
    nokogiri (1.6.8-java)
    pry (0.10.3-java)
      coderay (~> 1.1.0)
      method_source (~> 0.8.1)
      slop (~> 3.4)
      spoon (~> 0.0)
    puma (2.8.2-java)
      rack (>= 1.1, < 2.0)
    rack (1.6.3)
    rack-protection (1.5.3)
      rack
    rack-session-sequel (0.0.1)
      rack
      sequel
    rack-test (0.6.3)
      rack (>= 1.0)
    rake (11.2.2)
    rjack-jackson (1.8.11.0-java)
    rspec (3.3.0)
      rspec-core (~> 3.3.0)
      rspec-expectations (~> 3.3.0)
      rspec-mocks (~> 3.3.0)
    rspec-core (3.3.2)
      rspec-support (~> 3.3.0)
    rspec-expectations (3.3.1)
      diff-lcs (>= 1.2.0, < 2.0)
      rspec-support (~> 3.3.0)
    rspec-mocks (3.3.2)
      diff-lcs (>= 1.2.0, < 2.0)
      rspec-support (~> 3.3.0)
    rspec-support (3.3.0)
    rubyzip (1.0.0)
    rufus-lru (1.0.5)
    rufus-scheduler (2.0.24)
      tzinfo (>= 0.3.22)
    saxerator (0.9.5)
      nokogiri (>= 1.4.0)
    saxon-xslt (0.7.2-java)
    sequel (4.36.0)
    simplecov (0.7.1)
      multi_json (~> 1.0)
      simplecov-html (~> 0.7.1)
    simplecov-html (0.7.1)
    sinatra (1.4.7)
      rack (~> 1.5)
      rack-protection (~> 1.4)
      tilt (>= 1.3, < 3)
    sinatra-contrib (1.4.7)
      backports (>= 2.0)
      multi_json
      rack-protection
      rack-test
      sinatra (~> 1.4.0)
      tilt (>= 1.3, < 3)
    sinatra-reloader (1.0)
      sinatra-contrib
    slop (3.6.0)
    spoon (0.0.4)
      ffi
    thread_safe (0.3.5-java)
    tilt (2.0.5)
    tzinfo (0.3.39)
    warbler (2.0.3)
      jruby-jars (>= 9.0.0.0)
      jruby-rack (>= 1.1.1, < 1.3)
      rake (>= 10.1.0)
      rubyzip (~> 1.0, < 1.4)
    zip-zip (0.3)
      rubyzip (>= 1.0.0)

PLATFORMS
  java

DEPENDENCIES
  atomic (= 1.0.1)
  axlsx (= 2.0.1)
  bcrypt (= 3.1.11)
  factory_girl (~> 4.1.0)
  i18n (>= 0.6.4)
  jdbc-derby (= 10.11.1.1)
  jdbc-mysql (= 5.1.38)
  jruby-jars (= 9.1.2.0)
  json (~> 1.8.0)
  json-schema (= 1.0.10)
  ladle (= 0.2.0)
  multipart-post (= 1.2.0)
  net-http-persistent (= 2.8)
  net-ldap (= 0.14.0)
  nokogiri (~> 1.6.8)
  pry
  puma (= 2.8.2)
  rack (= 1.6.3)
  rack-session-sequel (= 0.0.1)
  rjack-jackson (= 1.8.11.0)
  rspec (~> 3.3.0)
  rspec-core (~> 3.3.0)
  rubyzip (= 1.0.0)
  rufus-lru (= 1.0.5)
  rufus-scheduler (~> 2.0.24)
  saxerator (~> 0.9.2)
  saxon-xslt
  sequel (~> 4.36.0)
  simplecov (= 0.7.1)
  sinatra (= 1.4.7)
  sinatra-reloader
  tzinfo (= 0.3.39)
  warbler (= 2.0.3)
  zip-zip (= 0.3)

BUNDLED WITH
   1.10.6
