GEM
  remote: http://rubygems.org/
  specs:
    activesupport (3.2.13)
      i18n (~> 0.6)
      multi_json (~> 1.0)
    atomic (1.0.1-java)
    axlsx (1.3.5)
      htmlentities
      nokogiri
      rubyzip
    backports (2.6.5)
    bcrypt-ruby (3.0.1-java)
    bouncy-castle-java (1.5.0147)
    diff-lcs (1.1.3)
    eventmachine (1.0.0-java)
    factory_girl (4.1.0)
      activesupport (>= 3.0.0)
    flying_saucer (0.8.0-java)
    htmlentities (4.3.1)
    i18n (0.6.1)
    jdbc-derby (10.6.2.1-java)
    jdbc-mysql (5.1.13)
    jruby-jars (1.7.4)
    jruby-openssl (0.8.8)
      bouncy-castle-java (>= 1.5.0147)
    jruby-rack (1.1.12)
    json (1.7.7-java)
    json-schema (1.0.10)
    ladle (0.2.0-java)
    multi_json (1.7.2)
    net-http-persistent (2.8)
    net-ldap (0.3.1)
    nokogiri (1.5.9-java)
    puma (1.6.3-java)
      rack (~> 1.2)
    rack (1.4.5)
    rack-protection (1.5.0)
      rack
    rack-session-sequel (0.0.1)
      rack
      sequel
    rack-test (0.6.2)
      rack (>= 1.0)
    rake (10.0.4)
    rjack-jackson (1.8.11.0-java)
    rspec (2.12.0)
      rspec-core (~> 2.12.0)
      rspec-expectations (~> 2.12.0)
      rspec-mocks (~> 2.12.0)
    rspec-core (2.12.1)
    rspec-expectations (2.12.0)
      diff-lcs (~> 1.1.3)
    rspec-mocks (2.12.0)
    rubyzip (0.9.9)
    rufus-lru (1.0.5)
    rufus-scheduler (2.0.17)
      tzinfo (>= 0.3.23)
    sequel (3.41.0)
    simplecov (0.7.1)
      multi_json (~> 1.0)
      simplecov-html (~> 0.7.1)
    simplecov-html (0.7.1)
    sinatra (1.3.6)
      rack (~> 1.4)
      rack-protection (~> 1.3)
      tilt (~> 1.3, >= 1.3.3)
    sinatra-contrib (1.3.2)
      backports (>= 2.0)
      eventmachine
      rack-protection
      rack-test
      sinatra (~> 1.3.0)
      tilt (~> 1.3)
    sinatra-reloader (1.0)
      sinatra-contrib
    tilt (1.3.6)
    tzinfo (0.3.37)
    warbler (1.3.6)
      jruby-jars (>= 1.4.0)
      jruby-rack (>= 1.0.0)
      rake (>= 0.8.7)
      rubyzip (>= 0.9.4)

PLATFORMS
  java

DEPENDENCIES
  atomic (= 1.0.1)
  axlsx
  bcrypt-ruby
  factory_girl
  flying_saucer
  jdbc-derby
  jdbc-mysql
  jruby-jars (= 1.7.4)
  jruby-openssl
  json
  json-schema
  ladle
  net-http-persistent
  net-ldap
  nokogiri
  puma
  rack-session-sequel
  rjack-jackson
  rspec
  rufus-lru
  rufus-scheduler
  sequel
  simplecov
  sinatra
  sinatra-reloader
  warbler
