GEM
  remote: https://rubygems.org/
  specs:
    activesupport (5.2.8.1)
      concurrent-ruby (~> 1.0, >= 1.0.2)
      i18n (>= 0.7, < 2)
      minitest (~> 5.1)
      tzinfo (~> 1.1)
    atomic (1.0.1-java)
    bcrypt (3.1.7-java)
    builder (3.2.4)
    childprocess (3.0.0)
    choice (0.2.0)
    coderay (1.1.3)
    concurrent-ruby (1.2.2)
    connection_pool (2.3.0)
    diff-lcs (1.5.0)
    docile (1.4.0)
    factory_bot (6.2.1)
      activesupport (>= 5.0.0)
    faraday (1.10.3)
      faraday-em_http (~> 1.0)
      faraday-em_synchrony (~> 1.0)
      faraday-excon (~> 1.1)
      faraday-httpclient (~> 1.0)
      faraday-multipart (~> 1.0)
      faraday-net_http (~> 1.0)
      faraday-net_http_persistent (~> 1.0)
      faraday-patron (~> 1.0)
      faraday-rack (~> 1.0)
      faraday-retry (~> 1.0)
      ruby2_keywords (>= 0.0.4)
    faraday-em_http (1.0.0)
    faraday-em_synchrony (1.0.0)
    faraday-excon (1.1.0)
    faraday-httpclient (1.0.1)
    faraday-multipart (1.0.3)
      multipart-post (>= 1.2, < 3)
    faraday-net_http (1.0.1)
    faraday-net_http_persistent (1.2.0)
    faraday-patron (1.0.0)
    faraday-rack (1.0.0)
    faraday-retry (1.0.3)
    faraday_middleware (1.2.0)
      faraday (~> 1.0)
    fastimage (2.2.6)
    ffi (1.15.5-java)
    i18n (0.9.5)
      concurrent-ruby (~> 1.0)
    jdbc-derby (10.12.1.1)
    jdbc-mysql (8.0.27)
    jruby-jars (9.2.20.1)
    jruby-rack (1.1.22)
    json (2.6.3-java)
    json-schema (1.0.10)
    method_source (1.0.0)
    minitest (5.15.0)
    mizuno-aspace (9.4.44)
      childprocess (>= 0.2.6)
      choice (>= 0.1.0)
      ffi (>= 1.0.0)
      rack (>= 1.0.0)
    multi_json (1.15.0)
    multipart-post (1.2.0)
    mustermann (2.0.2)
      ruby2_keywords (~> 0.0.1)
    net-http-persistent (4.0.1)
      connection_pool (~> 2.2)
    net-ldap (0.16.3)
    nokogiri (1.12.5-java)
      racc (~> 1.4)
    oai (0.4.0)
      builder (>= 3.1.0)
      faraday
      faraday_middleware
    pry (0.14.2-java)
      coderay (~> 1.1)
      method_source (~> 1.0)
      spoon (~> 0.0)
    pry-debugger-jruby (2.1.1-java)
      pry (>= 0.13, < 0.15)
      ruby-debug-base (>= 0.10.4, < 0.12)
    pry-nav (1.0.0)
      pry (>= 0.9.10, < 0.15)
    racc (1.6.2-java)
    rack (2.2.6.2)
    rack-protection (2.2.4)
      rack
    rack-test (2.0.2)
      rack (>= 1.3)
    rake (13.0.6)
    rjack-jackson (1.8.11.0-java)
    rrtf (1.3.1)
      fastimage
      nokogiri
      tidy
    rspec (3.12.0)
      rspec-core (~> 3.12.0)
      rspec-expectations (~> 3.12.0)
      rspec-mocks (~> 3.12.0)
    rspec-core (3.12.1)
      rspec-support (~> 3.12.0)
    rspec-expectations (3.12.2)
      diff-lcs (>= 1.2.0, < 2.0)
      rspec-support (~> 3.12.0)
    rspec-mocks (3.12.3)
      diff-lcs (>= 1.2.0, < 2.0)
      rspec-support (~> 3.12.0)
    rspec-support (3.12.0)
    ruby-debug-base (0.11.0-java)
    ruby2_keywords (0.0.5)
    rubyXL (3.4.25)
      nokogiri (>= 1.10.8)
      rubyzip (>= 1.3.0)
    rubyzip (1.3.0)
    rufus-lru (1.0.5)
    rufus-scheduler (2.0.24)
      tzinfo (>= 0.3.22)
    saxerator (0.9.2)
      nokogiri (>= 1.4.0)
    saxon-rb (0.8.3-java)
    sequel (5.9.0)
    simplecov (0.22.0)
      docile (~> 1.1)
      simplecov-html (~> 0.11)
      simplecov_json_formatter (~> 0.1)
    simplecov-html (0.12.3)
    simplecov_json_formatter (0.1.4)
    sinatra (2.2.4)
      mustermann (~> 2.0)
      rack (~> 2.2)
      rack-protection (= 2.2.4)
      tilt (~> 2.0)
    sinatra-contrib (2.2.4)
      multi_json
      mustermann (~> 2.0)
      rack-protection (= 2.2.4)
      sinatra (= 2.2.4)
      tilt (~> 2.0)
    spoon (0.0.6)
      ffi
    thread_safe (0.3.6-java)
    tidy (1.1.2)
    tilt (2.1.0)
    tzinfo (1.2.11)
      thread_safe (~> 0.1)
    tzinfo-data (1.2022.7)
      tzinfo (>= 1.0.0)
    warbler (2.0.5)
      jruby-jars (>= 9.0.0.0)
      jruby-rack (>= 1.1.1, < 1.3)
      rake (>= 10.1.0)
      rubyzip (~> 1.0, < 1.4)

PLATFORMS
  java

DEPENDENCIES
  activesupport (< 6.0)
  atomic (= 1.0.1)
  bcrypt (= 3.1.7)
  childprocess (~> 3.0, < 4.0)
  factory_bot
  i18n (< 1.0)
  jdbc-derby (= 10.12.1.1)
  jdbc-mysql (>= 8.0)
  jruby-jars (= 9.2.20.1)
  json
  json-schema (= 1.0.10)
  mizuno-aspace
  multipart-post (= 1.2.0)
  net-http-persistent (>= 4.0.1)
  net-ldap (~> 0.16.0)
  nokogiri (>= 1.10.8)
  oai (= 0.4.0)
  pry
  pry-debugger-jruby
  pry-nav
  rack-test
  rjack-jackson (= 1.8.11.0)
  rrtf
  rspec
  rspec-core
  rubyXL (~> 3.4, >= 3.4.9)
  rufus-lru (= 1.0.5)
  rufus-scheduler (~> 2.0.24)
  saxerator (= 0.9.2)
  saxon-rb (~> 0.8.3)
  sequel (~> 5.9.0)
  simplecov
  sinatra (~> 2.2)
  sinatra-contrib (~> 2.2)
  tzinfo
  tzinfo-data
  warbler (= 2.0.5)

BUNDLED WITH
   2.1.4
