GEM
  remote: https://rubygems.org/
  specs:
    atomic (1.0.1-java)
    json (1.8.0-java)
    rack (1.6.5)
    rack-protection (1.5.3)
      rack
    sinatra (1.4.7)
      rack (~> 1.5)
      rack-protection (~> 1.4)
      tilt (>= 1.3, < 3)
    tilt (2.0.6)

PLATFORMS
  java

DEPENDENCIES
  atomic (= 1.0.1)
  json (= 1.8.0)
  sinatra (= 1.4.7)

BUNDLED WITH
   1.12.5
