GEM
  remote: https://rubygems.org/
  specs:
    atomic (1.0.1-java)
    json (1.8.0-java)
    rack (1.4.7)
    rack-protection (1.5.3)
      rack
    sinatra (1.3.6)
      rack (~> 1.4)
      rack-protection (~> 1.3)
      tilt (~> 1.3, >= 1.3.3)
    tilt (1.4.1)

PLATFORMS
  java

DEPENDENCIES
  atomic (= 1.0.1)
  json (= 1.8.0)
  rack (= 1.4.7)
  sinatra (= 1.3.6)

BUNDLED WITH
   1.12.5
