GEM
  remote: https://rubygems.org/
  specs:
    activesupport (5.2.5)
      concurrent-ruby (~> 1.0, >= 1.0.2)
      i18n (>= 0.7, < 2)
      minitest (~> 5.1)
      tzinfo (~> 1.1)
    atomic (1.0.1-java)
    backports (3.21.0)
    builder (3.2.4)
    concurrent-ruby (1.1.9)
    connection_pool (2.3.0)
    diff-lcs (1.5.0)
    excon (0.85.0)
    factory_bot (4.11.1)
      activesupport (>= 3.0.0)
    fog-aws (2.0.0)
      fog-core (~> 1.38)
      fog-json (~> 1.0)
      fog-xml (~> 0.1)
      ipaddress (~> 0.8)
    fog-core (1.45.0)
      builder
      excon (~> 0.58)
      formatador (~> 0.2)
    fog-json (1.2.0)
      fog-core
      multi_json (~> 1.10)
    fog-xml (0.1.3)
      fog-core
      nokogiri (>= 1.5.11, < 2.0.0)
    formatador (0.3.0)
    i18n (0.9.1)
      concurrent-ruby (~> 1.0)
    ipaddress (0.8.3)
    json (2.3.0-java)
    json-schema (1.0.10)
    ladle (0.2.0-java)
    mime-types (3.3.1)
      mime-types-data (~> 3.2015)
    mime-types-data (3.2021.0901)
    minitest (5.14.4)
    multi_json (1.15.0)
    multipart-post (1.2.0)
    mustermann (1.1.1)
      ruby2_keywords (~> 0.0.1)
    net-http-persistent (4.0.1)
      connection_pool (~> 2.2)
    nokogiri (1.12.5-java)
      racc (~> 1.4)
    racc (1.5.2-java)
    rack (2.2.3)
    rack-protection (2.0.5)
      rack
    rack-test (1.1.0)
      rack (>= 1.0, < 3)
    rspec (3.6.0)
      rspec-core (~> 3.6.0)
      rspec-expectations (~> 3.6.0)
      rspec-mocks (~> 3.6.0)
    rspec-core (3.6.0)
      rspec-support (~> 3.6.0)
    rspec-expectations (3.6.0)
      diff-lcs (>= 1.2.0, < 2.0)
      rspec-support (~> 3.6.0)
    rspec-mocks (3.6.0)
      diff-lcs (>= 1.2.0, < 2.0)
      rspec-support (~> 3.6.0)
    rspec-support (3.6.0)
    ruby2_keywords (0.0.5)
    simplecov (0.7.1)
      multi_json (~> 1.0)
      simplecov-html (~> 0.7.1)
    simplecov-html (0.7.1)
    sinatra (2.0.5)
      mustermann (~> 1.0)
      rack (~> 2.0)
      rack-protection (= 2.0.5)
      tilt (~> 2.0)
    sinatra-contrib (2.0.5)
      backports (>= 2.8.2)
      multi_json
      mustermann (~> 1.0)
      rack-protection (= 2.0.5)
      sinatra (= 2.0.5)
      tilt (>= 1.3, < 3)
    thread_safe (0.3.6-java)
    tilt (2.0.10)
    tzinfo (1.2.9)
      thread_safe (~> 0.1)

PLATFORMS
  java

DEPENDENCIES
  activesupport (= 5.2.5)
  atomic (= 1.0.1)
  excon (>= 0.76.0)
  factory_bot (~> 4.11, >= 4.11.1)
  fog-aws (= 2.0.0)
  i18n (= 0.9.1)
  json (= 2.3.0)
  json-schema (= 1.0.10)
  ladle (= 0.2.0)
  mime-types
  multi_json (~> 1.15.0)
  multipart-post (= 1.2.0)
  net-http-persistent (>= 4.0.1)
  nokogiri (>= 1.10.8)
  rack-test (~> 1.1.0)
  rspec (~> 3.6.0)
  rspec-core
  simplecov (= 0.7.1)
  sinatra (= 2.0.5)
  sinatra-contrib (= 2.0.5)

BUNDLED WITH
   2.1.4
