GEM
  remote: https://rubygems.org/
  specs:
    activesupport (5.2.8.1)
      concurrent-ruby (~> 1.0, >= 1.0.2)
      i18n (>= 0.7, < 2)
      minitest (~> 5.1)
      tzinfo (~> 1.1)
    atomic (1.0.1-java)
    backports (3.23.0)
    builder (3.2.4)
    concurrent-ruby (1.2.2)
    connection_pool (2.3.0)
    diff-lcs (1.5.0)
    docile (1.4.0)
    excon (0.99.0)
    factory_bot (6.2.1)
      activesupport (>= 5.0.0)
    fog-aws (2.0.0)
      fog-core (~> 1.38)
      fog-json (~> 1.0)
      fog-xml (~> 0.1)
      ipaddress (~> 0.8)
    fog-core (1.45.0)
      builder
      excon (~> 0.58)
      formatador (~> 0.2)
    fog-json (1.2.0)
      fog-core
      multi_json (~> 1.10)
    fog-xml (0.1.4)
      fog-core
      nokogiri (>= 1.5.11, < 2.0.0)
    formatador (0.3.0)
    i18n (1.12.0)
      concurrent-ruby (~> 1.0)
    ipaddress (0.8.3)
    json (2.6.3-java)
    json-schema (1.0.10)
    ladle (1.0.1-java)
    mime-types (3.4.1)
      mime-types-data (~> 3.2015)
    mime-types-data (3.2023.0218.1)
    minitest (5.15.0)
    multi_json (1.15.0)
    multipart-post (1.2.0)
    mustermann (2.0.2)
      ruby2_keywords (~> 0.0.1)
    net-http-persistent (4.0.1)
      connection_pool (~> 2.2)
    nokogiri (1.13.6-java)
      racc (~> 1.4)
    racc (1.6.2-java)
    rack (2.2.6.2)
    rack-protection (2.2.4)
      rack
    rack-test (2.0.2)
      rack (>= 1.3)
    rspec (3.12.0)
      rspec-core (~> 3.12.0)
      rspec-expectations (~> 3.12.0)
      rspec-mocks (~> 3.12.0)
    rspec-core (3.12.1)
      rspec-support (~> 3.12.0)
    rspec-expectations (3.12.2)
      diff-lcs (>= 1.2.0, < 2.0)
      rspec-support (~> 3.12.0)
    rspec-mocks (3.12.3)
      diff-lcs (>= 1.2.0, < 2.0)
      rspec-support (~> 3.12.0)
    rspec-support (3.12.0)
    ruby2_keywords (0.0.5)
    simplecov (0.22.0)
      docile (~> 1.1)
      simplecov-html (~> 0.11)
      simplecov_json_formatter (~> 0.1)
    simplecov-html (0.12.3)
    simplecov_json_formatter (0.1.4)
    sinatra (2.2.4)
      mustermann (~> 2.0)
      rack (~> 2.2)
      rack-protection (= 2.2.4)
      tilt (~> 2.0)
    sinatra-contrib (2.2.4)
      multi_json
      mustermann (~> 2.0)
      rack-protection (= 2.2.4)
      sinatra (= 2.2.4)
      tilt (~> 2.0)
    thread_safe (0.3.6-java)
    tilt (2.1.0)
    tzinfo (1.2.11)
      thread_safe (~> 0.1)

PLATFORMS
  java
  universal-java-11

DEPENDENCIES
  activesupport (< 6.0)
  atomic (= 1.0.1)
  excon (>= 0.76.0)
  factory_bot
  fog-aws (= 2.0.0)
  i18n
  json
  json-schema (= 1.0.10)
  ladle
  mime-types
  multi_json (~> 1.15.0)
  multipart-post (= 1.2.0)
  net-http-persistent (>= 4.0.1)
  nokogiri (>= 1.10.8)
  rack-test
  rspec
  rspec-core
  simplecov
  sinatra (~> 2.2)
  sinatra-contrib (~> 2.2)

BUNDLED WITH
   2.2.29
