GEM
  remote: http://rubygems.org/
  specs:
    activesupport (5.1.4)
      concurrent-ruby (~> 1.0, >= 1.0.2)
      i18n (~> 0.7)
      minitest (~> 5.1)
      tzinfo (~> 1.1)
    concurrent-ruby (1.0.5-java)
    connection_pool (2.2.1)
    factory_girl (4.9.0)
      activesupport (>= 3.0.0)
    i18n (0.9.1)
      concurrent-ruby (~> 1.0)
    metaclass (0.0.4)
    minitest (5.10.3)
    mocha (1.3.0)
      metaclass (~> 0.0.1)
    multipart-post (2.0.0)
    net-http-persistent (3.0.0)
      connection_pool (~> 2.2)
    nokogiri (1.8.1-java)
    rufus-lru (1.1.0)
    thread_safe (0.3.6-java)
    tzinfo (1.2.4)
      thread_safe (~> 0.1)

PLATFORMS
  java

DEPENDENCIES
  factory_girl
  mocha
  multipart-post
  net-http-persistent
  nokogiri (= 1.8.1)
  rufus-lru

BUNDLED WITH
   1.12.5
