GEM
  remote: https://rubygems.org/
  specs:
    activesupport (5.0.1)
      concurrent-ruby (~> 1.0, >= 1.0.2)
      i18n (~> 0.7)
      minitest (~> 5.1)
      tzinfo (~> 1.1)
    atomic (1.0.1-java)
    childprocess (0.6.1)
      ffi (~> 1.0, >= 1.0.11)
    concurrent-ruby (1.0.4-java)
    diff-lcs (1.3)
    ffi (1.9.17-java)
    i18n (0.7.0)
    json (1.8.0-java)
    json-schema (1.0.10)
    minitest (5.10.1)
    multi_json (1.12.1)
    multipart-post (1.2.0)
    net-http-persistent (2.8)
    rack (2.0.1)
    rspec (3.5.0)
      rspec-core (~> 3.5.0)
      rspec-expectations (~> 3.5.0)
      rspec-mocks (~> 3.5.0)
    rspec-core (3.5.4)
      rspec-support (~> 3.5.0)
    rspec-expectations (3.5.0)
      diff-lcs (>= 1.2.0, < 2.0)
      rspec-support (~> 3.5.0)
    rspec-mocks (3.5.0)
      diff-lcs (>= 1.2.0, < 2.0)
      rspec-support (~> 3.5.0)
    rspec-retry (0.5.3)
      rspec-core (> 3.3, < 3.6)
    rspec-support (3.5.0)
    rubyzip (1.0.0)
    selenium-webdriver (2.53.4)
      childprocess (~> 0.5)
      rubyzip (~> 1.0)
      websocket (~> 1.0)
    thread_safe (0.3.5-java)
    tzinfo (1.2.2)
      thread_safe (~> 0.1)
    tzinfo-data (1.2017.1)
      tzinfo (>= 1.0.0)
    websocket (1.2.3)
    zip-zip (0.3)
      rubyzip (>= 1.0.0)

PLATFORMS
  java

DEPENDENCIES
  activesupport (= 5.0.1)
  atomic (= 1.0.1)
  json (= 1.8.0)
  json-schema (= 1.0.10)
  multi_json (~> 1.12.1)
  multipart-post (= 1.2.0)
  net-http-persistent (= 2.8)
  rack
  rspec
  rspec-retry
  rubyzip (= 1.0.0)
  selenium-webdriver (~> 2.53.0)
  tzinfo-data
  zip-zip (= 0.3)

BUNDLED WITH
   1.12.5
