GEM
  remote: http://rubygems.org/
  specs:
    childprocess (0.5.0)
      ffi (~> 1.0, >= 1.0.11)
    diff-lcs (1.1.3)
    ffi (1.7.0-java)
    multi_json (1.7.2)
    rspec (2.12.0)
      rspec-core (~> 2.12.0)
      rspec-expectations (~> 2.12.0)
      rspec-mocks (~> 2.12.0)
    rspec-core (2.12.1)
    rspec-expectations (2.12.0)
      diff-lcs (~> 1.1.3)
    rspec-mocks (2.12.0)
    rubyzip (1.0.0)
    selenium-webdriver (2.41.0)
      childprocess (>= 0.5.0)
      multi_json (~> 1.0)
      rubyzip (~> 1.0.0)
      websocket (~> 1.0.4)
    websocket (1.0.7)
    zip-zip (0.2)
      rubyzip (>= 1.0.0)

PLATFORMS
  java

DEPENDENCIES
  rspec
  rubyzip (= 1.0.0)
  selenium-webdriver
  zip-zip
