GEM
  remote: http://rubygems.org/
  specs:
    activesupport (3.2.22)
      i18n (~> 0.6, >= 0.6.4)
      multi_json (~> 1.0)
    atomic (1.0.1-java)
    childprocess (0.5.6)
      ffi (~> 1.0, >= 1.0.11)
    diff-lcs (1.2.5)
    ffi (1.9.10-java)
    i18n (0.7.0)
    json (1.8.0-java)
    json-schema (1.0.10)
    multi_json (1.10.0)
    multipart-post (1.2.0)
    net-http-persistent (2.8)
    rack (1.4.7)
    rspec (3.3.0)
      rspec-core (~> 3.3.0)
      rspec-expectations (~> 3.3.0)
      rspec-mocks (~> 3.3.0)
    rspec-core (3.3.2)
      rspec-support (~> 3.3.0)
    rspec-expectations (3.3.1)
      diff-lcs (>= 1.2.0, < 2.0)
      rspec-support (~> 3.3.0)
    rspec-mocks (3.3.2)
      diff-lcs (>= 1.2.0, < 2.0)
      rspec-support (~> 3.3.0)
    rspec-retry (0.4.4)
      rspec-core
    rspec-support (3.3.0)
    rubyzip (1.0.0)
    selenium-webdriver (2.45.0)
      childprocess (~> 0.5)
      multi_json (~> 1.0)
      rubyzip (~> 1.0)
      websocket (~> 1.0)
    websocket (1.2.2)
    zip-zip (0.3)
      rubyzip (>= 1.0.0)

PLATFORMS
  java

DEPENDENCIES
  activesupport (~> 3.2.22)
  atomic (= 1.0.1)
  json (= 1.8.0)
  json-schema (= 1.0.10)
  multi_json (= 1.10.0)
  multipart-post (= 1.2.0)
  net-http-persistent (= 2.8)
  rack (~> 1.4.7)
  rspec (~> 3.3.0)
  rspec-retry
  rubyzip (= 1.0.0)
  selenium-webdriver (= 2.45.0)
  zip-zip (= 0.3)

BUNDLED WITH
   1.10.6
