GEM
  remote: https://rubygems.org/
  specs:
    rack (1.6.12)
    rack-protection (1.5.5)
      rack
    sinatra (1.4.7)
      rack (~> 1.5)
      rack-protection (~> 1.4)
      tilt (>= 1.3, < 3)
    tilt (2.0.10)

PLATFORMS
  java

DEPENDENCIES
  sinatra (= 1.4.7)

BUNDLED WITH
   1.17.3
