GEM
  remote: https://rubygems.org/
  specs:
    mustermann (1.0.3)
    rack (2.0.7)
    rack-protection (2.0.5)
      rack
    sinatra (2.0.5)
      mustermann (~> 1.0)
      rack (~> 2.0)
      rack-protection (= 2.0.5)
      tilt (~> 2.0)
    tilt (2.0.9)

PLATFORMS
  java

DEPENDENCIES
  rack (~> 2.0, >= 2.0.7)
  sinatra (~> 2.0, >= 2.0.5)

BUNDLED WITH
   1.16.1
