GEM
  remote: https://rubygems.org/
  specs:
    activesupport (5.0.1)
      concurrent-ruby (~> 1.0, >= 1.0.2)
      i18n (~> 0.7)
      minitest (~> 5.1)
      tzinfo (~> 1.1)
    atomic (1.0.1-java)
    childprocess (0.9.0)
      ffi (~> 1.0, >= 1.0.11)
    coderay (1.1.2)
    concurrent-ruby (1.0.5-java)
    diff-lcs (1.3)
    domain_name (0.5.20180417)
      unf (>= 0.0.5, < 1.0.0)
    factory_bot (4.11.1)
      activesupport (>= 3.0.0)
    ffi (1.9.25-java)
    http-cookie (1.0.3)
      domain_name (~> 0.5)
    i18n (0.9.1)
      concurrent-ruby (~> 1.0)
    json (1.8.6-java)
    json-schema (1.0.10)
    mechanize (2.7.6)
      domain_name (~> 0.5, >= 0.5.1)
      http-cookie (~> 1.0)
      mime-types (>= 1.17.2)
      net-http-digest_auth (~> 1.1, >= 1.1.1)
      net-http-persistent (>= 2.5.2)
      nokogiri (~> 1.6)
      ntlm-http (~> 0.1, >= 0.1.1)
      webrobots (>= 0.0.9, < 0.2)
    method_source (0.9.0)
    mime-types (3.2.2)
      mime-types-data (~> 3.2015)
    mime-types-data (3.2018.0812)
    minitest (5.11.3)
    multi_json (1.13.1)
    multipart-post (1.2.0)
    net-http-digest_auth (1.4.1)
    net-http-persistent (2.8)
    nokogiri (1.8.4-java)
    ntlm-http (0.1.1)
    parallel (1.12.1)
    parallel_tests (2.14.3)
      parallel
    pry (0.11.3-java)
      coderay (~> 1.1.0)
      method_source (~> 0.9.0)
      spoon (~> 0.0)
    rack (1.6.10)
    rack-protection (1.5.5)
      rack
    rspec (3.6.0)
      rspec-core (~> 3.6.0)
      rspec-expectations (~> 3.6.0)
      rspec-mocks (~> 3.6.0)
    rspec-core (3.6.0)
      rspec-support (~> 3.6.0)
    rspec-expectations (3.6.0)
      diff-lcs (>= 1.2.0, < 2.0)
      rspec-support (~> 3.6.0)
    rspec-mocks (3.6.0)
      diff-lcs (>= 1.2.0, < 2.0)
      rspec-support (~> 3.6.0)
    rspec-retry (0.6.1)
      rspec-core (> 3.3)
    rspec-support (3.6.0)
    rubyzip (1.2.2)
    selenium-webdriver (3.6.0)
      childprocess (~> 0.5)
      rubyzip (~> 1.0)
    sinatra (1.4.7)
      rack (~> 1.5)
      rack-protection (~> 1.4)
      tilt (>= 1.3, < 3)
    spoon (0.0.6)
      ffi
    thread_safe (0.3.6-java)
    tilt (2.0.8)
    tzinfo (1.2.5)
      thread_safe (~> 0.1)
    tzinfo-data (1.2018.5)
      tzinfo (>= 1.0.0)
    unf (0.1.4-java)
    webrobots (0.1.2)

PLATFORMS
  java

DEPENDENCIES
  activesupport (= 5.0.1)
  atomic (= 1.0.1)
  factory_bot
  i18n (= 0.9.1)
  json (= 1.8.6)
  json-schema (= 1.0.10)
  mechanize
  multi_json (~> 1.13.1)
  multipart-post (= 1.2.0)
  net-http-persistent (= 2.8)
  nokogiri (= 1.8.4)
  parallel_tests (~> 2.14.0)
  pry
  rspec (~> 3.6.0)
  rspec-retry
  rubyzip (~> 1.2.2)
  selenium-webdriver (= 3.6.0)
  sinatra (= 1.4.7)
  tzinfo-data

BUNDLED WITH
   1.16.1
