GEM
  remote: http://rubygems.org/
  specs:
    activesupport (4.2.3)
      i18n (~> 0.7)
      json (~> 1.7, >= 1.7.7)
      minitest (~> 5.1)
      thread_safe (~> 0.3, >= 0.3.4)
      tzinfo (~> 1.1)
    atomic (1.0.1-java)
    childprocess (0.5.6)
      ffi (~> 1.0, >= 1.0.11)
    diff-lcs (1.2.5)
    factory_girl (4.1.0)
      activesupport (>= 3.0.0)
    ffi (1.9.10-java)
    i18n (0.7.0)
    json (1.8.0-java)
    json-schema (1.0.10)
    minitest (5.7.0)
    multi_json (1.10.0)
    multipart-post (1.2.0)
    net-http-persistent (2.8)
    parallel (1.6.1)
    parallel_tests (1.3.9)
      parallel
    rspec (3.3.0)
      rspec-core (~> 3.3.0)
      rspec-expectations (~> 3.3.0)
      rspec-mocks (~> 3.3.0)
    rspec-core (3.3.2)
      rspec-support (~> 3.3.0)
    rspec-expectations (3.3.1)
      diff-lcs (>= 1.2.0, < 2.0)
      rspec-support (~> 3.3.0)
    rspec-mocks (3.3.2)
      diff-lcs (>= 1.2.0, < 2.0)
      rspec-support (~> 3.3.0)
    rspec-retry (0.4.2)
      rspec-core
    rspec-support (3.3.0)
    rubyzip (1.0.0)
    selenium-webdriver (2.47.1)
      childprocess (~> 0.5)
      multi_json (~> 1.0)
      rubyzip (~> 1.0)
      websocket (~> 1.0)
    thread_safe (0.3.5-java)
    tzinfo (1.2.2)
      thread_safe (~> 0.1)
    websocket (1.2.2)

PLATFORMS
  java

DEPENDENCIES
  atomic (= 1.0.1)
  factory_girl (~> 4.1.0)
  json (= 1.8.0)
  json-schema (= 1.0.10)
  multi_json (= 1.10.0)
  multipart-post (= 1.2.0)
  net-http-persistent (= 2.8)
  parallel_tests (~> 1.3.9)
  rspec (~> 3.3.0)
  rspec-retry
  rubyzip (= 1.0.0)
  selenium-webdriver (>= 2.45.0)
