GEM
  remote: https://rubygems.org/
  specs:
    activesupport (5.0.7.2)
      concurrent-ruby (~> 1.0, >= 1.0.2)
      i18n (>= 0.7, < 2)
      minitest (~> 5.1)
      tzinfo (~> 1.1)
    ast (2.4.0)
    atomic (1.1.101-java)
    childprocess (1.0.1)
      rake (< 13.0)
    coderay (1.1.2)
    concurrent-ruby (1.1.5)
    diff-lcs (1.3)
    domain_name (0.5.20190701)
      unf (>= 0.0.5, < 1.0.0)
    factory_bot (5.0.2)
      activesupport (>= 4.2.0)
    ffi (1.11.1-java)
    http-cookie (1.0.3)
      domain_name (~> 0.5)
    i18n (0.9.1)
      concurrent-ruby (~> 1.0)
    jaro_winkler (1.5.3-java)
    json (2.2.0-java)
    json-schema (1.0.10)
    mechanize (2.7.6)
      domain_name (~> 0.5, >= 0.5.1)
      http-cookie (~> 1.0)
      mime-types (>= 1.17.2)
      net-http-digest_auth (~> 1.1, >= 1.1.1)
      net-http-persistent (>= 2.5.2)
      nokogiri (~> 1.6)
      ntlm-http (~> 0.1, >= 0.1.1)
      webrobots (>= 0.0.9, < 0.2)
    method_source (0.9.2)
    mime-types (3.2.2)
      mime-types-data (~> 3.2015)
    mime-types-data (3.2019.0331)
    minitest (5.11.3)
    multi_json (1.13.1)
    multipart-post (1.2.0)
    net-http-digest_auth (1.4.1)
    net-http-persistent (2.8)
    nokogiri (1.8.5-java)
    ntlm-http (0.1.1)
    parallel (1.17.0)
    parallel_tests (2.29.1)
      parallel
    parser (2.6.3.0)
      ast (~> 2.4.0)
    pry (0.11.3-java)
      coderay (~> 1.1.0)
      method_source (~> 0.9.0)
      spoon (~> 0.0)
    pry-debugger-jruby (1.2.1-java)
      pry (>= 0.10, < 0.12)
      ruby-debug-base (~> 0.10.4)
    pry-nav (0.3.0)
      pry (>= 0.9.10, < 0.13.0)
    rack (1.6.11)
    rack-protection (1.5.5)
      rack
    rainbow (3.0.0)
    rake (12.3.2)
    rspec (3.8.0)
      rspec-core (~> 3.8.0)
      rspec-expectations (~> 3.8.0)
      rspec-mocks (~> 3.8.0)
    rspec-core (3.8.2)
      rspec-support (~> 3.8.0)
    rspec-expectations (3.8.4)
      diff-lcs (>= 1.2.0, < 2.0)
      rspec-support (~> 3.8.0)
    rspec-mocks (3.8.1)
      diff-lcs (>= 1.2.0, < 2.0)
      rspec-support (~> 3.8.0)
    rspec-retry (0.6.1)
      rspec-core (> 3.3)
    rspec-support (3.8.2)
    rubocop (0.72.0)
      jaro_winkler (~> 1.5.1)
      parallel (~> 1.10)
      parser (>= 2.6)
      rainbow (>= 2.2.2, < 4.0)
      ruby-progressbar (~> 1.7)
      unicode-display_width (>= 1.4.0, < 1.7)
    ruby-debug-base (0.10.6-java)
    ruby-progressbar (1.10.1)
    rubyzip (1.2.3)
    selenium-webdriver (3.142.3)
      childprocess (>= 0.5, < 2.0)
      rubyzip (~> 1.2, >= 1.2.2)
    sinatra (1.4.7)
      rack (~> 1.5)
      rack-protection (~> 1.4)
      tilt (>= 1.3, < 3)
    spoon (0.0.6)
      ffi
    thread_safe (0.3.6-java)
    tilt (2.0.9)
    tzinfo (1.2.5)
      thread_safe (~> 0.1)
    tzinfo-data (1.2019.2)
      tzinfo (>= 1.0.0)
    unf (0.1.4-java)
    unicode-display_width (1.6.0)
    webrobots (0.1.2)

PLATFORMS
  java

DEPENDENCIES
  activesupport (= 5.0.7.2)
  atomic (~> 1.1, >= 1.1.101)
  factory_bot (~> 5.0, >= 5.0.2)
  i18n (= 0.9.1)
  json (= 2.2.0)
  json-schema (= 1.0.10)
  mechanize
  mime-types (~> 3.2, >= 3.2.2)
  multi_json (~> 1.13.1)
  multipart-post (= 1.2.0)
  net-http-persistent (= 2.8)
  nokogiri (= 1.8.5)
  parallel_tests (~> 2.29, >= 2.29.1)
  pry
  pry-debugger-jruby
  pry-nav
  rspec (~> 3.8)
  rspec-retry
  rubocop (~> 0.72.0)
  rubyzip (~> 1.2.2)
  selenium-webdriver (~> 3.142, >= 3.142.3)
  sinatra (= 1.4.7)
  tzinfo-data

BUNDLED WITH
   1.16.1
