GEM
  remote: https://rubygems.org/
  specs:
    activesupport (3.2.22.2)
      i18n (~> 0.6, >= 0.6.4)
      multi_json (~> 1.0)
    atomic (1.0.1-java)
    childprocess (0.5.9)
      ffi (~> 1.0, >= 1.0.11)
    diff-lcs (1.2.5)
    factory_girl (4.1.0)
      activesupport (>= 3.0.0)
    ffi (1.9.13)
    i18n (0.7.0)
    json (1.8.0-java)
    json-schema (1.0.10)
    multi_json (1.12.1)
    multipart-post (1.2.0)
    net-http-persistent (2.8)
    parallel (1.9.0)
    parallel_tests (1.3.9)
      parallel
    rack (1.4.7)
    rack-protection (1.5.3)
      rack
    rspec (3.3.0)
      rspec-core (~> 3.3.0)
      rspec-expectations (~> 3.3.0)
      rspec-mocks (~> 3.3.0)
    rspec-core (3.3.2)
      rspec-support (~> 3.3.0)
    rspec-expectations (3.3.1)
      diff-lcs (>= 1.2.0, < 2.0)
      rspec-support (~> 3.3.0)
    rspec-mocks (3.3.2)
      diff-lcs (>= 1.2.0, < 2.0)
      rspec-support (~> 3.3.0)
    rspec-retry (0.4.5)
      rspec-core
    rspec-support (3.3.0)
    rubyzip (1.0.0)
    selenium-webdriver (2.53.4)
      childprocess (~> 0.5)
      rubyzip (~> 1.0)
      websocket (~> 1.0)
    sinatra (1.3.6)
      rack (~> 1.4)
      rack-protection (~> 1.3)
      tilt (~> 1.3, >= 1.3.3)
    tilt (1.4.1)
    websocket (1.2.3)

PLATFORMS
  java

DEPENDENCIES
  activesupport (~> 3.2.22)
  atomic (= 1.0.1)
  factory_girl (~> 4.1.0)
  json (= 1.8.0)
  json-schema (= 1.0.10)
  multi_json (~> 1.12.1)
  multipart-post (= 1.2.0)
  net-http-persistent (= 2.8)
  parallel_tests (~> 1.3.9)
  rack (~> 1.4.7)
  rspec (~> 3.3.0)
  rspec-retry
  rubyzip (= 1.0.0)
  selenium-webdriver (~> 2.53.0)
  sinatra (= 1.3.6)

BUNDLED WITH
   1.12.5
