GEM
  remote: https://rubygems.org/
  specs:
    activesupport (5.0.1)
      concurrent-ruby (~> 1.0, >= 1.0.2)
      i18n (~> 0.7)
      minitest (~> 5.1)
      tzinfo (~> 1.1)
    atomic (1.0.1-java)
    childprocess (0.6.2)
      ffi (~> 1.0, >= 1.0.11)
    coderay (1.1.1)
    concurrent-ruby (1.0.4-java)
    diff-lcs (1.3)
    factory_girl (4.8.0)
      activesupport (>= 3.0.0)
    ffi (1.9.18-java)
    i18n (0.7.0)
    json (1.8.0-java)
    json-schema (1.0.10)
    method_source (0.8.2)
    minitest (5.10.1)
    multi_json (1.12.1)
    multipart-post (1.2.0)
    net-http-persistent (2.8)
    parallel (1.10.0)
    parallel_tests (1.3.9)
      parallel
    pry (0.10.4-java)
      coderay (~> 1.1.0)
      method_source (~> 0.8.1)
      slop (~> 3.4)
      spoon (~> 0.0)
    rack (1.6.5)
    rack-protection (1.5.3)
      rack
    rspec (3.5.0)
      rspec-core (~> 3.5.0)
      rspec-expectations (~> 3.5.0)
      rspec-mocks (~> 3.5.0)
    rspec-core (3.5.4)
      rspec-support (~> 3.5.0)
    rspec-expectations (3.5.0)
      diff-lcs (>= 1.2.0, < 2.0)
      rspec-support (~> 3.5.0)
    rspec-mocks (3.5.0)
      diff-lcs (>= 1.2.0, < 2.0)
      rspec-support (~> 3.5.0)
    rspec-retry (0.5.3)
      rspec-core (> 3.3, < 3.6)
    rspec-support (3.5.0)
    rubyzip (1.0.0)
    selenium-webdriver (3.3.0)
      childprocess (~> 0.5)
      rubyzip (~> 1.0)
      websocket (~> 1.0)
    sinatra (1.4.7)
      rack (~> 1.5)
      rack-protection (~> 1.4)
      tilt (>= 1.3, < 3)
    slop (3.6.0)
    spoon (0.0.6)
      ffi
    thread_safe (0.3.5-java)
    tilt (2.0.6)
    tzinfo (1.2.2)
      thread_safe (~> 0.1)
    tzinfo-data (1.2017.1)
      tzinfo (>= 1.0.0)
    websocket (1.2.4)

PLATFORMS
  java

DEPENDENCIES
  activesupport (= 5.0.1)
  atomic (= 1.0.1)
  factory_girl
  json (= 1.8.0)
  json-schema (= 1.0.10)
  multi_json (~> 1.12.1)
  multipart-post (= 1.2.0)
  net-http-persistent (= 2.8)
  parallel_tests (~> 1.3.9)
  pry
  rspec
  rspec-retry
  rubyzip (= 1.0.0)
  selenium-webdriver (= 3.3.0)
  sinatra (= 1.4.7)
  tzinfo-data

BUNDLED WITH
   1.12.5
